GEM
  remote: https://rubygems.org/
  specs:
    rack (1.5.2)
    rack-contrib (1.1.0)
      rack (>= 0.9.1)
    rack-protection (1.5.3)
      rack
    rack-rewrite (1.5.0)
    sinatra (1.4.5)
      rack (~> 1.4)
      rack-protection (~> 1.4)
      tilt (~> 1.3, >= 1.3.4)
    tilt (1.4.1)

PLATFORMS
  ruby

DEPENDENCIES
  rack-contrib (~> 1.1.0)
  rack-rewrite (~> 1.5.0)
  sinatra (= 1.4.5)
